PATH
  remote: .
  specs:
    optimus_primer (1.0.0)

GEM
  remote: https://rubygems.org/
  specs:
    debase (0.2.3.beta5)
      debase-ruby_core_source (>= 0.10.2)
    debase-ruby_core_source (0.10.5)
    rake (10.5.0)
    ruby-debug-ide (0.7.0)
      rake (>= 0.8.1)

PLATFORMS
  ruby

DEPENDENCIES
  bundler (~> 2.0)
  debase (= 0.2.3.beta5)
  optimus_primer!
  rake (~> 10.0)
  ruby-debug-ide (~> 0.7.0)

BUNDLED WITH
   2.0.2
